GEM
  remote: https://rubygems.org/
  specs:
    addressable (2.3.7)
    awesome_print (1.6.1)
    crass (1.0.1)
    daemons (1.2.2)
    eventmachine (1.0.7)
    ffi (1.9.8)
    ffi-icu (0.1.4)
      ffi (~> 1.0, >= 1.0.9)
    guess_html_encoding (0.0.11)
    iconv (1.0.4)
    launchy (2.4.3)
      addressable (~> 2.3)
    mini_portile (0.6.2)
    nokogiri (1.6.6.2)
      mini_portile (~> 0.6.0)
    nokogiri-styles (0.1.2)
      nokogiri
    nokogumbo (1.2.0)
      nokogiri
    public_suffix (1.4.6)
    rack (1.6.0)
    rack-protection (1.5.3)
      rack
    ruby-readability (0.7.0)
      guess_html_encoding (>= 0.0.4)
      nokogiri (>= 1.6.0)
    sanitize (3.1.2)
      crass (~> 1.0.1)
      nokogiri (>= 1.4.4)
      nokogumbo (= 1.2.0)
    sinatra (1.4.6)
      rack (~> 1.4)
      rack-protection (~> 1.4)
      tilt (>= 1.3, < 3)
    thin (1.6.3)
      daemons (~> 1.0, >= 1.0.9)
      eventmachine (~> 1.0)
      rack (~> 1.0)
    tilt (2.0.1)

PLATFORMS
  ruby

DEPENDENCIES
  awesome_print
  ffi-icu
  iconv
  launchy
  nokogiri-styles
  public_suffix
  ruby-readability
  sanitize
  sinatra
  thin
